PATH
  remote: .
  specs:
    chemicals (0.0.1)
      hashie
      nokogiri

GEM
  remote: https://rubygems.org/
  specs:
    ffi (1.0.11)
    guard (1.0.1)
      ffi (>= 0.5.0)
      thor (~> 0.14.6)
    guard-minitest (0.5.0)
      guard (>= 0.4)
    hashie (1.2.0)
    metaclass (0.0.1)
    mocha (0.11.1)
      metaclass (~> 0.0.1)
    nokogiri (1.5.2)
    rake (0.9.2.2)
    thor (0.14.6)

PLATFORMS
  ruby

DEPENDENCIES
  chemicals!
  guard
  guard-minitest
  mocha
  rake
